GIT
  remote: git://github.com/myabc/test-jruby-library.git
  revision: 127f63d8d9eddbc6d59e6285fd53d1e66e636647
  specs:
    test-jruby-library (0.1.0)

GEM
  remote: http://rubygems.org/
  specs:

PLATFORMS
  java
  ruby

DEPENDENCIES
  test-jruby-library!
